GIT
  remote: https://github.com/zooniverse/json-schema_builder.git
  revision: 5e39cae16a9a6f19ef347848a3691541312eda81
  ref: 5e39cae16a
  branch: talk-version
  specs:
    json-schema_builder (0.8.2)
      activesupport (>= 4.0, <= 7.2)
      json-schema (>= 2.1)

GIT
  remote: https://github.com/zooniverse/restpack_serializer.git
  revision: 32268d26c2c6a55d3bf69f84a546647a604ea39c
  ref: 32268d26c2c6
  branch: talk-api-version
  specs:
    restpack_serializer (0.5.9)
      activerecord (>= 5.0.0, < 7.1)
      activesupport (>= 5.0.0, < 7.1)
      kaminari (< 2.0)

GEM
  remote: https://rubygems.org/
  specs:
    actioncable (5.2.8.1)
      actionpack (= 5.2.8.1)
      nio4r (~> 2.0)
      websocket-driver (>= 0.6.1)
    actionmailer (5.2.8.1)
      actionpack (= 5.2.8.1)
      actionview (= 5.2.8.1)
      activejob (= 5.2.8.1)
      mail (~> 2.5, >= 2.5.4)
      rails-dom-testing (~> 2.0)
    actionpack (5.2.8.1)
      actionview (= 5.2.8.1)
      activesupport (= 5.2.8.1)
      rack (~> 2.0, >= 2.0.8)
      rack-test (>= 0.6.3)
      rails-dom-testing (~> 2.0)
      rails-html-sanitizer (~> 1.0, >= 1.0.2)
    actionview (5.2.8.1)
      activesupport (= 5.2.8.1)
      builder (~> 3.1)
      erubi (~> 1.4)
      rails-dom-testing (~> 2.0)
      rails-html-sanitizer (~> 1.0, >= 1.0.3)
    activejob (5.2.8.1)
      activesupport (= 5.2.8.1)
      globalid (>= 0.3.6)
    activemodel (5.2.8.1)
      activesupport (= 5.2.8.1)
    activerecord (5.2.8.1)
      activemodel (= 5.2.8.1)
      activesupport (= 5.2.8.1)
      arel (>= 9.0)
    activestorage (5.2.8.1)
      actionpack (= 5.2.8.1)
      activerecord (= 5.2.8.1)
      marcel (~> 1.0.0)
    activesupport (5.2.8.1)
      concurrent-ruby (~> 1.0, >= 1.0.2)
      i18n (>= 0.7, < 2)
      minitest (~> 5.1)
      tzinfo (~> 1.1)
    addressable (2.8.7)
      public_suffix (>= 2.0.2, < 7.0)
    arel (9.0.0)
    aws-sdk (2.3.23)
      aws-sdk-resources (= 2.3.23)
    aws-sdk-core (2.3.23)
      jmespath (~> 1.0)
    aws-sdk-resources (2.3.23)
      aws-sdk-core (= 2.3.23)
    base64 (0.2.0)
    benchmark-ips (2.13.0)
    bigdecimal (3.1.8)
    builder (3.3.0)
    coderay (1.1.3)
    colorize (1.1.0)
    concurrent-ruby (1.3.4)
    congestion (0.1.0)
      connection_pool (>= 2.0)
      redis (>= 3.1)
    connection_pool (2.4.1)
    crack (1.0.0)
      bigdecimal
      rexml
    crass (1.0.6)
    date (3.4.0)
    diff-lcs (1.5.1)
    docile (1.4.1)
    domain_name (0.5.20190701)
      unf (>= 0.0.5, < 1.0.0)
    erubi (1.13.0)
    et-orbi (1.2.11)
      tzinfo
    factory_bot (6.4.5)
      activesupport (>= 5.0.0)
    factory_bot_rails (6.4.3)
      factory_bot (~> 6.4)
      railties (>= 5.0.0)
    faraday (1.10.3)
      faraday-em_http (~> 1.0)
      faraday-em_synchrony (~> 1.0)
      faraday-excon (~> 1.1)
      faraday-httpclient (~> 1.0)
      faraday-multipart (~> 1.0)
      faraday-net_http (~> 1.0)
      faraday-net_http_persistent (~> 1.0)
      faraday-patron (~> 1.0)
      faraday-rack (~> 1.0)
      faraday-retry (~> 1.0)
      ruby2_keywords (>= 0.0.4)
    faraday-em_http (1.0.0)
    faraday-em_synchrony (1.0.0)
    faraday-excon (1.1.0)
    faraday-httpclient (1.0.1)
    faraday-multipart (1.0.4)
      multipart-post (~> 2)
    faraday-net_http (1.0.2)
    faraday-net_http_persistent (1.2.0)
    faraday-patron (1.0.0)
    faraday-rack (1.0.0)
    faraday-retry (1.0.3)
    faraday_middleware (1.2.0)
      faraday (~> 1.0)
    ffi (1.16.3)
    formatador (1.1.0)
    fugit (1.11.0)
      et-orbi (~> 1, >= 1.2.11)
      raabro (~> 1.4)
    globalid (1.1.0)
      activesupport (>= 5.0)
    guard (2.18.1)
      formatador (>= 0.2.4)
      listen (>= 2.7, < 4.0)
      lumberjack (>= 1.0.12, < 2.0)
      nenv (~> 0.1)
      notiffany (~> 0.0)
      pry (>= 0.13.0)
      shellany (~> 0.0)
      thor (>= 0.18.1)
    guard-compat (1.2.1)
    guard-rspec (4.7.3)
      guard (~> 2.1)
      guard-compat (~> 1.1)
      rspec (>= 2.99.0, < 4.0)
    hashdiff (1.1.1)
    honeybadger (4.5.6)
    http-accept (1.7.0)
    http-cookie (1.0.6)
      domain_name (~> 0.5)
    i18n (1.14.6)
      concurrent-ruby (~> 1.0)
    its-it (1.3.0)
    jmespath (1.6.2)
    json-schema (2.8.1)
      addressable (>= 2.4)
    kaminari (1.2.2)
      activesupport (>= 4.1.0)
      kaminari-actionview (= 1.2.2)
      kaminari-activerecord (= 1.2.2)
      kaminari-core (= 1.2.2)
    kaminari-actionview (1.2.2)
      actionview
      kaminari-core (= 1.2.2)
    kaminari-activerecord (1.2.2)
      activerecord
      kaminari-core (= 1.2.2)
    kaminari-core (1.2.2)
    key_struct (0.4.2)
    listen (3.9.0)
      rb-fsevent (~> 0.10, >= 0.10.3)
      rb-inotify (~> 0.9, >= 0.9.10)
    logstash-event (1.2.02)
    logstasher (0.9.0)
      activerecord (>= 3.0)
      activesupport (>= 3.0)
      logstash-event (~> 1.2.0)
      request_store
    loofah (2.23.1)
      crass (~> 1.0.2)
      nokogiri (>= 1.12.0)
    lumberjack (1.2.10)
    mail (2.8.1)
      mini_mime (>= 0.1.1)
      net-imap
      net-pop
      net-smtp
    marcel (1.0.4)
    method_source (1.1.0)
    mime-types (3.5.2)
      mime-types-data (~> 3.2015)
    mime-types-data (3.2024.0806)
    mini_mime (1.1.5)
    mini_portile2 (2.8.8)
    minitest (5.25.4)
    mock_redis (0.36.0)
      ruby2_keywords
    modware (0.1.3)
      key_struct (~> 0.4)
    multipart-post (2.4.1)
    nenv (0.3.0)
    net-imap (0.3.7)
      date
      net-protocol
    net-pop (0.1.2)
      net-protocol
    net-protocol (0.2.2)
      timeout
    net-smtp (0.5.0)
      net-protocol
    netrc (0.11.0)
    newrelic_rpm (9.12.0)
    nio4r (2.7.4)
    nokogiri (1.15.7)
      mini_portile2 (~> 2.8.2)
      racc (~> 1.4)
    notiffany (0.1.3)
      nenv (~> 0.1)
      shellany (~> 0.0)
    pg (0.21.0)
    pry (0.14.2)
      coderay (~> 1.1)
      method_source (~> 1.0)
    public_suffix (5.1.1)
    puma (6.4.2)
      nio4r (~> 2.0)
    pundit (1.1.0)
      activesupport (>= 3.0.0)
    raabro (1.4.0)
    racc (1.8.1)
    rack (2.2.10)
    rack-cors (1.0.6)
      rack (>= 1.6.0)
    rack-protection (3.2.0)
      base64 (>= 0.1.0)
      rack (~> 2.2, >= 2.2.4)
    rack-test (2.1.0)
      rack (>= 1.3)
    rails (5.2.8.1)
      actioncable (= 5.2.8.1)
      actionmailer (= 5.2.8.1)
      actionpack (= 5.2.8.1)
      actionview (= 5.2.8.1)
      activejob (= 5.2.8.1)
      activemodel (= 5.2.8.1)
      activerecord (= 5.2.8.1)
      activestorage (= 5.2.8.1)
      activesupport (= 5.2.8.1)
      bundler (>= 1.3.0)
      railties (= 5.2.8.1)
      sprockets-rails (>= 2.0.0)
    rails-dom-testing (2.2.0)
      activesupport (>= 5.0.0)
      minitest
      nokogiri (>= 1.6)
    rails-html-sanitizer (1.6.2)
      loofah (~> 2.21)
      nokogiri (>= 1.15.7, != 1.16.7, != 1.16.6, != 1.16.5, != 1.16.4, != 1.16.3, != 1.16.2, != 1.16.1, != 1.16.0.rc1, != 1.16.0)
    railties (5.2.8.1)
      actionpack (= 5.2.8.1)
      activesupport (= 5.2.8.1)
      method_source
      rake (>= 0.8.7)
      thor (>= 0.19.0, < 2.0)
    rake (13.2.1)
    rb-fsevent (0.11.2)
    rb-inotify (0.11.1)
      ffi (~> 1.0)
    redis (3.3.5)
    request_store (1.7.0)
      rack (>= 1.4)
    rest-client (2.1.0)
      http-accept (>= 1.7.0, < 2.0)
      http-cookie (>= 1.0.2, < 2.0)
      mime-types (>= 1.16, < 4.0)
      netrc (~> 0.8)
    rexml (3.3.5)
      strscan
    rspec (3.13.0)
      rspec-core (~> 3.13.0)
      rspec-expectations (~> 3.13.0)
      rspec-mocks (~> 3.13.0)
    rspec-core (3.13.2)
      rspec-support (~> 3.13.0)
    rspec-expectations (3.13.3)
      diff-lcs (>= 1.2.0, < 2.0)
      rspec-support (~> 3.13.0)
    rspec-its (1.3.0)
      rspec-core (>= 3.0.0)
      rspec-expectations (>= 3.0.0)
    rspec-mocks (3.13.2)
      diff-lcs (>= 1.2.0, < 2.0)
      rspec-support (~> 3.13.0)
    rspec-rails (5.1.2)
      actionpack (>= 5.2)
      activesupport (>= 5.2)
      railties (>= 5.2)
      rspec-core (~> 3.10)
      rspec-expectations (~> 3.10)
      rspec-mocks (~> 3.10)
      rspec-support (~> 3.10)
    rspec-support (3.13.2)
    ruby2_keywords (0.0.5)
    schema_monkey (2.1.6)
      activerecord (>= 4.2)
      modware (~> 0.1.0)
    schema_plus_core (2.2.3)
      activerecord (~> 5.0)
      its-it (~> 1.2)
      schema_monkey (~> 2.1)
    schema_plus_indexes (0.3.1)
      activerecord (>= 4.2, < 5.3)
      its-it (~> 1.2)
      schema_plus_core
    schema_plus_pg_indexes (0.3.2)
      activerecord (>= 5.0.1, < 5.3)
      its-it (~> 1.2)
      schema_plus_core (~> 2.0)
      schema_plus_indexes (~> 0.2, >= 0.2.4)
    shellany (0.0.1)
    sidekiq (5.2.9)
      connection_pool (~> 2.2, >= 2.2.2)
      rack (~> 2.0)
      rack-protection (>= 1.5.0)
      redis (>= 3.3.5, < 4.2)
    sidekiq-congestion (0.1.1)
      congestion (~> 0.1)
      sidekiq (>= 3.0)
    sidekiq-cron (1.9.1)
      fugit (~> 1.8)
      sidekiq (>= 4.2.1)
    simplecov (0.22.0)
      docile (~> 1.1)
      simplecov-html (~> 0.11)
      simplecov_json_formatter (~> 0.1)
    simplecov-html (0.13.1)
    simplecov_json_formatter (0.1.4)
    spring (3.1.1)
    spring-commands-rspec (1.0.4)
      spring (>= 0.9.1)
    sprockets (4.2.1)
      concurrent-ruby (~> 1.0)
      rack (>= 2.2.4, < 4)
    sprockets-rails (3.4.2)
      actionpack (>= 5.2)
      activesupport (>= 5.2)
      sprockets (>= 3.0.0)
    strscan (3.1.0)
    ten_years_rails (0.2.0)
      actionview
      activesupport
      colorize (>= 0.8.1)
      rest-client (>= 2.0.2)
    thor (1.3.2)
    thread_safe (0.3.6)
    timecop (0.9.10)
    timeout (0.4.1)
    tzinfo (1.2.11)
      thread_safe (~> 0.1)
    unf (0.1.4)
      unf_ext
    unf_ext (0.0.9.1)
    webmock (3.23.1)
      addressable (>= 2.8.0)
      crack (>= 0.3.2)
      hashdiff (>= 0.4.0, < 2.0.0)
    websocket-driver (0.7.6)
      websocket-extensions (>= 0.1.0)
    websocket-extensions (0.1.5)
    zoo_stream (1.0.1)
      aws-sdk

PLATFORMS
  ruby

DEPENDENCIES
  aws-sdk (~> 2.3.7)
  benchmark-ips
  factory_bot_rails
  faraday
  faraday_middleware
  ffi (= 1.16.3)
  guard
  guard-rspec
  honeybadger (~> 4.5.0)
  json-schema (~> 2.8)
  json-schema_builder!
  logstasher (~> 0.9.0)
  mock_redis
  newrelic_rpm
  pg (~> 0.21)
  pry
  puma
  pundit (~> 1.1.0)
  rack-cors (~> 1.0.5)
  rails (= 5.2.8.1)
  redis (~> 3.3.0)
  restpack_serializer!
  rspec-its
  rspec-rails
  schema_plus_pg_indexes
  sidekiq (< 6)
  sidekiq-congestion (~> 0.1.0)
  sidekiq-cron
  simplecov
  spring
  spring-commands-rspec
  ten_years_rails
  timecop
  webmock (~> 3.4)
  zoo_stream (~> 1.0)

BUNDLED WITH
   2.4.22
